GEM
  remote: https://rubygems.org/
  specs:
    require_all (3.0.0)

PLATFORMS
  x86_64-darwin-20

DEPENDENCIES
  require_all

BUNDLED WITH
   2.2.26
